GEM
  remote: https://rubygems.org/
  specs:
    aws-sdk (2.9.22)
      aws-sdk-resources (= 2.9.22)
    aws-sdk-core (2.9.22)
      aws-sigv4 (~> 1.0)
      jmespath (~> 1.0)
    aws-sdk-resources (2.9.22)
      aws-sdk-core (= 2.9.22)
    aws-sigv4 (1.0.0)
    concurrent-ruby (1.0.5)
    dotenv (2.2.1)
    down (2.5.1)
    foreman (0.84.0)
      thor (~> 0.19.1)
    jmespath (1.3.1)
    message_bus (2.0.2)
      rack (>= 1.1.3)
    mini_magick (4.7.0)
    multi_json (1.12.1)
    oj (3.0.9)
    pg (0.20.0)
    puma (3.8.2)
    rack (2.0.3)
    roda (2.26.0)
      rack
    sequel (4.46.0)
    shrine (2.6.1)
      down (>= 2.3.6)
    shrine-tus (0.1.0)
    shrine-url (0.3.1)
      down (>= 2.3.7)
      shrine (>= 2.0)
    streamio-ffmpeg (3.0.2)
      multi_json (~> 1.8)
    sucker_punch (2.0.2)
      concurrent-ruby (~> 1.0.0)
    thor (0.19.4)
    tilt (2.0.7)

PLATFORMS
  ruby

DEPENDENCIES
  aws-sdk
  dotenv
  foreman
  message_bus
  mini_magick
  oj
  pg
  puma
  roda (~> 2.15)
  sequel
  shrine
  shrine-tus
  shrine-url
  streamio-ffmpeg
  sucker_punch
  tilt

BUNDLED WITH
   1.14.6
