GEM
  remote: https://rubygems.org/
  specs:
    activesupport (5.1.1)
      concurrent-ruby (~> 1.0, >= 1.0.2)
      i18n (~> 0.7)
      minitest (~> 5.1)
      tzinfo (~> 1.1)
    aws-sdk (2.10.34)
      aws-sdk-resources (= 2.10.34)
    aws-sdk-core (2.10.34)
      aws-sigv4 (~> 1.0)
      jmespath (~> 1.0)
    aws-sdk-resources (2.10.34)
      aws-sdk-core (= 2.10.34)
    aws-sigv4 (1.0.1)
    byebug (9.1.0)
    concurrent-ruby (1.0.5)
    dotenv (2.2.1)
    down (4.1.0)
    foreman (0.84.0)
      thor (~> 0.19.1)
    i18n (0.8.1)
    jmespath (1.3.1)
    message_bus (2.0.5)
      rack (>= 1.1.3)
    mini_magick (4.8.0)
    minitest (5.10.2)
    multi_json (1.12.1)
    oj (3.3.5)
    pg (0.21.0)
    puma (3.10.0)
    rack (2.0.3)
    roda (2.29.0)
      rack
    sequel (4.49.0)
    shrine (2.6.1)
      down (>= 2.3.6)
    shrine-tus (1.0.0)
      shrine (~> 2.0)
      shrine-url (~> 1.0)
      tus-server (~> 1.0)
    shrine-url (1.0.0)
      down (~> 4.0)
      shrine (>= 2.0)
    streamio-ffmpeg (3.0.2)
      multi_json (~> 1.8)
    sucker_punch (2.0.3)
      concurrent-ruby (~> 1.0.0)
    thor (0.19.4)
    thread_safe (0.3.6)
    tilt (2.0.8)
    tus-server (1.1.1)
      roda (~> 2.19)
    tzinfo (1.2.3)
      thread_safe (~> 0.1)

PLATFORMS
  ruby

DEPENDENCIES
  activesupport
  aws-sdk (~> 2.1)
  byebug
  dotenv
  foreman
  message_bus
  mini_magick
  oj
  pg
  puma
  roda (~> 2.15)
  sequel
  shrine-tus
  streamio-ffmpeg
  sucker_punch
  tilt

BUNDLED WITH
   1.14.6
