GEM
  remote: https://rubygems.org/
  specs:
    activesupport (5.1.1)
      concurrent-ruby (~> 1.0, >= 1.0.2)
      i18n (~> 0.7)
      minitest (~> 5.1)
      tzinfo (~> 1.1)
    addressable (2.5.2)
      public_suffix (>= 2.0.2, < 4.0)
    aws-eventstream (1.0.1)
    aws-partitions (1.96.0)
    aws-sdk-core (3.22.1)
      aws-eventstream (~> 1.0)
      aws-partitions (~> 1.0)
      aws-sigv4 (~> 1.0)
      jmespath (~> 1.0)
    aws-sdk-kms (1.6.0)
      aws-sdk-core (~> 3)
      aws-sigv4 (~> 1.0)
    aws-sdk-s3 (1.17.0)
      aws-sdk-core (~> 3, >= 3.21.2)
      aws-sdk-kms (~> 1)
      aws-sigv4 (~> 1.0)
    aws-sigv4 (1.0.3)
    byebug (10.0.2)
    concurrent-ruby (1.0.5)
    domain_name (0.5.20180417)
      unf (>= 0.0.5, < 1.0.0)
    dotenv (2.5.0)
    down (4.5.0)
    erubi (1.7.1)
    foreman (0.85.0)
      thor (~> 0.19.1)
    hiredis (0.6.1)
    http (3.3.0)
      addressable (~> 2.3)
      http-cookie (~> 1.0)
      http-form_data (~> 2.0)
      http_parser.rb (~> 0.6.0)
    http-cookie (1.0.3)
      domain_name (~> 0.5)
    http-form_data (2.1.1)
    http_parser.rb (0.6.0)
    i18n (0.8.1)
    jmespath (1.4.0)
    message_bus (2.1.5)
      rack (>= 1.1.3)
    mime-types (3.1)
      mime-types-data (~> 3.2015)
    mime-types-data (3.2016.0521)
    mini_magick (4.8.0)
    minitest (5.10.2)
    multi_json (1.12.1)
    oj (3.6.5)
    pg (0.21.0)
    posix-spawn (0.3.13)
    public_suffix (3.0.2)
    puma (3.12.0)
    rack (2.0.5)
    redis (4.0.1)
    roda (3.10.0)
      rack
    sequel (5.10.0)
    shrine (2.11.0)
      down (~> 4.1)
    shrine-tus (1.2.1)
      shrine (~> 2.0)
      shrine-url (~> 2.1)
      tus-server (~> 2.0)
    shrine-url (2.1.0)
      down (~> 4.4)
      http (~> 3.2)
      shrine (>= 2.0)
    streamio-ffmpeg (3.0.2)
      multi_json (~> 1.8)
    sucker_punch (2.0.4)
      concurrent-ruby (~> 1.0.0)
    thor (0.19.4)
    thread_safe (0.3.6)
    tilt (2.0.8)
    tus-server (2.1.1)
      roda (>= 2.27, < 4)
    tzinfo (1.2.3)
      thread_safe (~> 0.1)
    unf (0.1.4)
      unf_ext
    unf_ext (0.0.7.5)

PLATFORMS
  ruby

DEPENDENCIES
  activesupport
  aws-sdk-s3 (~> 1.17)
  byebug (~> 10.0, >= 10.0.2)
  dotenv (~> 2.5)
  erubi (~> 1.7, >= 1.7.1)
  foreman (~> 0.85.0)
  hiredis (~> 0.6.1)
  http_parser.rb (~> 0.6.0)
  message_bus (~> 2.1, >= 2.1.5)
  mime-types (~> 3.1)
  mini_magick (~> 4.8)
  oj (~> 3.6, >= 3.6.5)
  pg
  posix-spawn (~> 0.3.13)
  puma (~> 3.12)
  redis (~> 4.0, >= 4.0.1)
  roda (~> 3.10)
  sequel (~> 5.10)
  shrine (~> 2.11)
  shrine-tus (~> 1.2, >= 1.2.1)
  streamio-ffmpeg (~> 3.0, >= 3.0.2)
  sucker_punch (~> 2.0, >= 2.0.4)
  tilt (~> 2.0, >= 2.0.8)

BUNDLED WITH
   1.16.1
